GEM
  remote: https://rubygems.org/
  specs:
    RedCloth (4.2.9)
    addressable (2.3.2)
    albino (1.3.3)
      posix-spawn (>= 0.3.6)
    chunky_png (1.2.6)
    classifier (1.3.3)
      fast-stemmer (>= 1.0.0)
    coderay (1.0.8)
    commonjs (0.2.6)
    compass (0.12.2)
      chunky_png (~> 1.2)
      fssm (>= 0.2.7)
      sass (~> 3.1)
    directory_watcher (1.4.1)
    em-websocket (0.3.8)
      addressable (>= 2.1.1)
      eventmachine (>= 0.12.9)
    eventmachine (1.0.0)
    fast-stemmer (1.0.0)
    fssm (0.2.9)
    guard (1.5.3)
      listen (>= 0.4.2)
      lumberjack (>= 1.0.2)
      pry (>= 0.9.10)
      thor (>= 0.14.6)
    guard-compass (0.0.6)
      compass (>= 0.10.5)
      guard (>= 0.2.1)
    guard-livereload (1.1.0)
      em-websocket (>= 0.2.0)
      guard (>= 1.5.0)
      multi_json (~> 1.0)
    jekyll (0.11.2)
      albino (~> 1.3)
      classifier (~> 1.3)
      directory_watcher (~> 1.1)
      kramdown (~> 0.13)
      liquid (~> 2.3)
      maruku (~> 0.5)
    kramdown (0.13.5)
    less (2.2.2)
      commonjs (~> 0.2.6)
    liquid (2.3.0)
    listen (0.5.3)
    lumberjack (1.0.2)
    maruku (0.6.0)
      syntax (>= 1.0.0)
    method_source (0.8.1)
    multi_json (1.3.7)
    nokogiri (1.5.0)
    posix-spawn (0.3.6)
    pry (0.9.10)
      coderay (~> 1.0.5)
      method_source (~> 0.8)
      slop (~> 3.3.1)
    rb-fsevent (0.9.2)
    rdiscount (1.6.8)
    sass (3.2.2)
    sassy-buttons (0.1.4)
      compass (>= 0.12.2)
      sass (>= 3.2.0)
    slop (3.3.3)
    syntax (1.0.0)
    thor (0.16.0)
    vendorer (0.1.12)

PLATFORMS
  ruby

DEPENDENCIES
  RedCloth
  compass (>= 0.12)
  guard-compass
  guard-livereload
  jekyll
  less
  nokogiri
  rb-fsevent
  rdiscount
  sass
  sassy-buttons
  vendorer
