GEM
  remote: https://rubygems.org/
  specs:
    RedCloth (4.2.9)
    albino (1.3.3)
      posix-spawn (>= 0.3.6)
    chunky_png (1.2.6)
    classifier (1.3.3)
      fast-stemmer (>= 1.0.0)
    compass (0.12.2)
      chunky_png (~> 1.2)
      fssm (>= 0.2.7)
      sass (~> 3.1)
    directory_watcher (1.4.1)
    fast-stemmer (1.0.0)
    fssm (0.2.9)
    github-badge (0.1.1)
      compass (>= 0.10.0)
      sass (>= 3.1.0.alpha.214)
    jekyll (0.11.2)
      albino (~> 1.3)
      classifier (~> 1.3)
      directory_watcher (~> 1.1)
      kramdown (~> 0.13)
      liquid (~> 2.3)
      maruku (~> 0.5)
    kramdown (0.13.5)
    liquid (2.3.0)
    maruku (0.6.0)
      syntax (>= 1.0.0)
    nokogiri (1.5.0)
    posix-spawn (0.3.6)
    powder (0.1.8)
      thor (>= 0.11.5)
    rb-fsevent (0.9.2)
    rdiscount (1.6.8)
    sass (3.2.2)
    sassy-buttons (0.1.4)
      compass (>= 0.12.2)
      sass (>= 3.2.0)
    stringex (1.4.0)
    syntax (1.0.0)
    thor (0.16.0)
    vendorer (0.1.12)

PLATFORMS
  ruby

DEPENDENCIES
  RedCloth
  compass (>= 0.12)
  github-badge
  jekyll
  nokogiri
  powder
  rb-fsevent
  rdiscount
  sass
  sassy-buttons
  stringex
  vendorer
