GEM
  remote: https://rubygems.org/
  specs:
    albino (1.3.3)
      posix-spawn (>= 0.3.6)
    classifier (1.3.3)
      fast-stemmer (>= 1.0.0)
    commonjs (0.2.0)
      therubyracer (~> 0.9.9)
    directory_watcher (1.4.1)
    fast-stemmer (1.0.0)
    jekyll (0.11.2)
      albino (~> 1.3)
      classifier (~> 1.3)
      directory_watcher (~> 1.1)
      kramdown (~> 0.13)
      liquid (~> 2.3)
      maruku (~> 0.5)
    kramdown (0.13.5)
    less (2.0.9)
      commonjs (~> 0.2.0)
      therubyracer (~> 0.9.9)
    libv8 (3.3.10.4)
    liquid (2.3.0)
    maruku (0.6.0)
      syntax (>= 1.0.0)
    nokogiri (1.5.0)
    posix-spawn (0.3.6)
    syntax (1.0.0)
    therubyracer (0.9.10)
      libv8 (~> 3.3.10)

PLATFORMS
  ruby

DEPENDENCIES
  jekyll
  less
  nokogiri
